{
	"Modality": "MR",
	"MagneticFieldStrength": 3,
	"Manufacturer": "Siemens",
	"ManufacturersModelName": "Prisma",
	"InstitutionName": "Princeton_University",
	"InstitutionalDepartmentName": "NeuroScience",
	"InstitutionAddress": "Stadium_1952_Princeton_NJ_US_08544",
	"DeviceSerialNumber": "66018",
	"StationName": "AWP66018",
	"BodyPartExamined": "BRAIN",
	"PatientPosition": "HFS",
	"ProcedureStepDescription": "Turk-Browne_projects",
	"SoftwareVersions": "syngo_MR_D13D",
	"MRAcquisitionType": "3D",
	"SeriesDescription": "MPRAGE_1.0mm_ipat",
	"ProtocolName": "MPRAGE_1.0mm_ipat",
	"ScanningSequence": "GR_IR",
	"SequenceVariant": "SK_SP_MP",
	"ScanOptions": "IR",
	"SequenceName": "_tfl3d1_16",
	"ImageType": ["ORIGINAL", "PRIMARY", "M", "ND", "NORM"],
	"SeriesNumber": 2,
	"AcquisitionTime": "10:17:26.535000",
	"AcquisitionNumber": 1,
	"SliceThickness": 1,
	"SAR": 0.0333594,
	"EchoTime": 0.00267,
	"RepetitionTime": 2.53,
	"InversionTime": 1.2,
	"FlipAngle": 7,
	"PartialFourier": 1,
	"BaseResolution": 256,
	"ShimSetting": [
		740,
		530,
		1954,
		339,
		-129,
		-143,
		178,
		117	],
	"TxRefAmp": 229.708,
	"PhaseResolution": 1,
	"ReceiveCoilName": "HeadNeck_64",
	"ReceiveCoilActiveElements": "HC1-7;NC1,2",
	"PulseSequenceDetails": "%SiemensSeq%_tfl",
	"ConsistencyInfo": "N4_VD13D_LATEST_20130810",
	"PercentPhaseFOV": 100,
	"PhaseEncodingSteps": 255,
	"AcquisitionMatrixPE": 256,
	"ReconMatrixPE": 256,
	"ParallelReductionFactorInPlane": 2,
	"PixelBandwidth": 200,
	"DwellTime": 9.8e-06,
	"ImageOrientationPatientDICOM": [
		-0.0191974,
		0.999816,
		-3.29916e-08,
		-0.0523263,
		-0.00100475,
		-0.99863	],
	"InPlanePhaseEncodingDirectionDICOM": "ROW",
	"ConversionSoftware": "dcm2niix",
	"ConversionSoftwareVersion": "v1.0.20180518 GCC4.8.5"
}
